PATH
  remote: .
  specs:
    spree_rbk_checkout (1.1.1)

GEM
  remote: http://rubygems.org/
  specs:

PLATFORMS
  ruby

DEPENDENCIES
  spree_rbk_checkout!
